GEM
  remote: https://rubygems.org/
  specs:
    rack (2.2.6.2)

PLATFORMS
  ruby

DEPENDENCIES
  rack

BUNDLED WITH
   1.17.2
